GEM
  remote: https://rubygems.org/
  specs:
    autoprefixer-rails (6.3.5)
      execjs
    execjs (2.6.0)
    puma (3.2.0)
    rack (1.6.4)
    sass (3.4.22)

PLATFORMS
  ruby

DEPENDENCIES
  autoprefixer-rails
  puma
  rack
  sass

BUNDLED WITH
   1.11.2
