GEM
  remote: https://rubygems.org/
  specs:
    acme-client (1.0.0)
      faraday (~> 0.9, >= 0.9.1)
    faraday (0.17.6)
      multipart-post (>= 1.2, < 3)
    ffi (1.15.5)
    letsencrypt_heroku (0.2.15)
      acme-client (~> 1.0.0)
      rainbow
      slop
      tty-spinner
    letsencrypt_rack (0.1.2)
    multipart-post (2.3.0)
    nio4r (2.5.9)
    puma (6.2.1)
      nio4r (~> 2.0)
    rack (3.0.7)
    rainbow (3.1.1)
    rb-fsevent (0.11.2)
    rb-inotify (0.10.1)
      ffi (~> 1.0)
    sass (3.7.4)
      sass-listen (~> 4.0.0)
    sass-listen (4.0.0)
      rb-fsevent (~> 0.9, >= 0.9.4)
      rb-inotify (~> 0.9, >= 0.9.7)
    slop (4.10.1)
    tty-cursor (0.7.1)
    tty-spinner (0.9.3)
      tty-cursor (~> 0.7)

PLATFORMS
  ruby

DEPENDENCIES
  letsencrypt_heroku
  letsencrypt_rack
  puma
  rack
  sass

RUBY VERSION
   ruby 3.1.4p223

BUNDLED WITH
   2.2.22
