GEM
  remote: https://rubygems.org/
  specs:
    acme-client (0.5.0)
      faraday (~> 0.9, >= 0.9.1)
    activesupport (5.0.0.1)
      concurrent-ruby (~> 1.0, >= 1.0.2)
      i18n (~> 0.7)
      minitest (~> 5.1)
      tzinfo (~> 1.1)
    bindata (2.3.4)
    concurrent-ruby (1.0.2)
    faraday (0.9.2)
      multipart-post (>= 1.2, < 3)
    i18n (0.7.0)
    json-jwt (1.5.2)
      activesupport
      bindata
      multi_json (>= 1.3)
      securecompare
      url_safe_base64
    letsencrypt_heroku (0.2.10)
      acme-client
      json-jwt (= 1.5.2)
      rainbow
      tty-spinner
    letsencrypt_rack (0.1.1)
    minitest (5.10.1)
    multi_json (1.12.1)
    multipart-post (2.0.0)
    puma (3.4.0)
    rack (1.6.4)
    rainbow (2.1.0)
    sass (3.4.22)
    securecompare (1.0.0)
    thread_safe (0.3.5)
    tty-spinner (0.4.1)
    tzinfo (1.2.2)
      thread_safe (~> 0.1)
    url_safe_base64 (0.2.2)

PLATFORMS
  ruby

DEPENDENCIES
  letsencrypt_heroku
  letsencrypt_rack
  puma
  rack
  sass

RUBY VERSION
   ruby 2.5.0p0

BUNDLED WITH
   1.16.1
