GEM
  remote: https://rubygems.org/
  specs:
    acme-client (1.0.0)
      faraday (~> 0.9, >= 0.9.1)
    amatch (0.4.0)
      mize
      tins (~> 1.0)
    complex_config (0.18.0)
      json
      mize (~> 0.3, >= 0.3.4)
      tins
    faraday (0.17.3)
      multipart-post (>= 1.2, < 3)
    ffi (1.12.2)
    git-story-workflow (0.11.2)
      complex_config
      infobar
      mize
      search_ui
      term-ansicolor
      tins
    infobar (0.6.2)
      complex_config (~> 0.10)
      more_math
      term-ansicolor (~> 1.4)
      tins (~> 1.0, >= 1.15.0)
    json (2.3.0)
    letsencrypt_heroku (0.2.15)
      acme-client (~> 1.0.0)
      rainbow
      slop
      tty-spinner
    letsencrypt_rack (0.1.2)
    mize (0.4.0)
      protocol (~> 2.0)
    more_math (0.4.0)
      mize
      tins (~> 1.0)
    multipart-post (2.1.1)
    nio4r (2.5.2)
    protocol (2.0.0)
      ruby_parser (~> 3.0)
    puma (4.3.5)
      nio4r (~> 2.0)
    rack (2.2.2)
    rainbow (3.0.0)
    rb-fsevent (0.10.3)
    rb-inotify (0.10.1)
      ffi (~> 1.0)
    ruby_parser (3.14.2)
      sexp_processor (~> 4.9)
    sass (3.7.4)
      sass-listen (~> 4.0.0)
    sass-listen (4.0.0)
      rb-fsevent (~> 0.9, >= 0.9.4)
      rb-inotify (~> 0.9, >= 0.9.7)
    search_ui (0.0.1)
      amatch (~> 0.0)
      term-ansicolor (~> 1.0)
      tins (~> 1.0)
    sexp_processor (4.14.1)
    slop (4.8.0)
    sync (0.5.0)
    term-ansicolor (1.7.1)
      tins (~> 1.0)
    tins (1.25.0)
      sync
    tty-cursor (0.7.1)
    tty-spinner (0.9.3)
      tty-cursor (~> 0.7)

PLATFORMS
  ruby

DEPENDENCIES
  git-story-workflow
  letsencrypt_heroku
  letsencrypt_rack
  puma
  rack
  sass

RUBY VERSION
   ruby 2.7.1p83

BUNDLED WITH
   2.1.4
