GEM
  remote: https://rubygems.org/
  specs:
    acme-client (2.0.0)
      faraday (~> 0.9, >= 0.9.1)
    faraday (0.15.2)
      multipart-post (>= 1.2, < 3)
    letsencrypt_heroku (0.2.14)
      acme-client
      rainbow
      slop
      tty-spinner
    letsencrypt_rack (0.1.1)
    multipart-post (2.0.0)
    puma (3.4.0)
    rack (1.6.4)
    rainbow (3.0.0)
    sass (3.4.22)
    slop (4.6.2)
    tty-cursor (0.6.0)
    tty-spinner (0.8.0)
      tty-cursor (>= 0.5.0)

PLATFORMS
  ruby

DEPENDENCIES
  letsencrypt_heroku
  letsencrypt_rack
  puma
  rack
  sass

RUBY VERSION
   ruby 2.5.3p105

BUNDLED WITH
   1.16.6
