GEM
  remote: https://rubygems.org/
  specs:
    puma (3.2.0)
    rack (1.6.4)
    sass (3.4.22)

PLATFORMS
  ruby

DEPENDENCIES
  puma
  rack
  sass

RUBY VERSION
   ruby 2.3.1p112

BUNDLED WITH
   1.12.3
