GEM
  remote: https://rubygems.org/
  specs:
    acme-client (1.0.0)
      faraday (~> 0.9, >= 0.9.1)
    faraday (0.15.4)
      multipart-post (>= 1.2, < 3)
    ffi (1.10.0)
    letsencrypt_heroku (0.2.15)
      acme-client (~> 1.0.0)
      rainbow
      slop
      tty-spinner
    letsencrypt_rack (0.1.2)
    multipart-post (2.0.0)
    puma (3.12.1)
    rack (2.0.6)
    rainbow (3.0.0)
    rb-fsevent (0.10.3)
    rb-inotify (0.10.0)
      ffi (~> 1.0)
    sass (3.7.3)
      sass-listen (~> 4.0.0)
    sass-listen (4.0.0)
      rb-fsevent (~> 0.9, >= 0.9.4)
      rb-inotify (~> 0.9, >= 0.9.7)
    slop (4.6.2)
    tty-cursor (0.6.0)
    tty-spinner (0.9.0)
      tty-cursor (~> 0.6.0)

PLATFORMS
  ruby

DEPENDENCIES
  letsencrypt_heroku
  letsencrypt_rack
  puma
  rack
  sass

RUBY VERSION
   ruby 2.6.3p62

BUNDLED WITH
   1.17.2
