GEM
  remote: https://rubygems.org/
  specs:
    acme-client (1.0.0)
      faraday (~> 0.9, >= 0.9.1)
    amatch (0.4.1)
      mize
      tins (~> 1.0)
    complex_config (0.19.4)
      json
      mize (~> 0.3, >= 0.3.4)
      tins
    faraday (0.17.5)
      multipart-post (>= 1.2, < 3)
    ffi (1.15.5)
    git-story-workflow (1.7.1)
      complex_config
      infobar
      mize
      search_ui
      term-ansicolor
      tins
    infobar (0.7.0)
      complex_config (~> 0.10)
      more_math
      term-ansicolor (~> 1.4)
      tins (~> 1.0, >= 1.28.0)
    json (2.6.2)
    letsencrypt_heroku (0.2.15)
      acme-client (~> 1.0.0)
      rainbow
      slop
      tty-spinner
    letsencrypt_rack (0.1.2)
    mize (0.4.0)
      protocol (~> 2.0)
    more_math (0.4.0)
      mize
      tins (~> 1.0)
    multipart-post (2.2.3)
    nio4r (2.5.8)
    protocol (2.0.0)
      ruby_parser (~> 3.0)
    puma (5.6.5)
      nio4r (~> 2.0)
    rack (3.0.6.1)
    rainbow (3.1.1)
    rb-fsevent (0.11.2)
    rb-inotify (0.10.1)
      ffi (~> 1.0)
    ruby_parser (3.19.1)
      sexp_processor (~> 4.16)
    sass (3.7.4)
      sass-listen (~> 4.0.0)
    sass-listen (4.0.0)
      rb-fsevent (~> 0.9, >= 0.9.4)
      rb-inotify (~> 0.9, >= 0.9.7)
    search_ui (0.0.1)
      amatch (~> 0.0)
      term-ansicolor (~> 1.0)
      tins (~> 1.0)
    sexp_processor (4.16.1)
    slop (4.9.3)
    sync (0.5.0)
    term-ansicolor (1.7.1)
      tins (~> 1.0)
    tins (1.31.1)
      sync
    tty-cursor (0.7.1)
    tty-spinner (0.9.3)
      tty-cursor (~> 0.7)

PLATFORMS
  ruby

DEPENDENCIES
  git-story-workflow
  letsencrypt_heroku
  letsencrypt_rack
  puma
  rack
  sass

RUBY VERSION
   ruby 3.1.3p185

BUNDLED WITH
   2.2.22
